GIT
  remote: https://github.com/kolyastepanets/game-codebreaker.git
  revision: 1eb50985405b3532ff5168647a7b5730b473f6bb
  specs:
    game-codebreaker (0.1.0)

GEM
  remote: https://rubygems.org/
  specs:
    diff-lcs (1.2.5)
    rack (1.6.4)
    rspec (3.4.0)
      rspec-core (~> 3.4.0)
      rspec-expectations (~> 3.4.0)
      rspec-mocks (~> 3.4.0)
    rspec-core (3.4.1)
      rspec-support (~> 3.4.0)
    rspec-expectations (3.4.0)
      diff-lcs (>= 1.2.0, < 2.0)
      rspec-support (~> 3.4.0)
    rspec-mocks (3.4.0)
      diff-lcs (>= 1.2.0, < 2.0)
      rspec-support (~> 3.4.0)
    rspec-support (3.4.0)

PLATFORMS
  ruby

DEPENDENCIES
  game-codebreaker!
  rack
  rspec

BUNDLED WITH
   1.10.6
